GEM
  remote: https://rubygems.org/
  specs:
    clever-ruby (0.13.2)
      multi_json (~> 1.1)
      rest-client (~> 1.6.7)
    ffi (1.9.10)
    json (1.8.3)
    jwt (1.5.2)
    listen (3.0.6)
      rb-fsevent (>= 0.9.3)
      rb-inotify (>= 0.9.7)
    mime-types (1.25.1)
    multi_json (1.11.2)
    nio4r (2.5.7)
    puma (4.3.8)
      nio4r (~> 2.0)
    rack (1.6.4)
    rack-protection (1.5.3)
      rack
    rb-fsevent (0.9.7)
    rb-inotify (0.9.7)
      ffi (>= 0.5.0)
    rerun (0.11.0)
      listen (~> 3.0)
    rest-client (1.6.9)
      mime-types (~> 1.16)
    sinatra (1.4.7)
      rack (~> 1.5)
      rack-protection (~> 1.4)
      tilt (>= 1.3, < 3)
    tilt (2.0.2)

PLATFORMS
  ruby

DEPENDENCIES
  clever-ruby
  json
  jwt
  puma
  rerun
  sinatra

BUNDLED WITH
   1.10.6
